PATH
  remote: ../florby
  specs:
    florby (0.1.0)
      bigdecimal
      commonmarker
      sitemap_generator
      webrick

GEM
  remote: https://rubygems.org/
  specs:
    bigdecimal (3.1.9)
    builder (3.3.0)
    commonmarker (2.3.0-arm64-darwin)
    sitemap_generator (6.3.0)
      builder (~> 3.0)
    webrick (1.9.1)

PLATFORMS
  arm64-darwin-22
  arm64-darwin-23
  arm64-darwin-24

DEPENDENCIES
  florby!

BUNDLED WITH
   2.4.12
