PATH
  remote: /Users/yuki-akamatsu/ghq/github.com/ukstudio/florby
  specs:
    florby (0.1.0)
      commonmarker
      sitemap_generator
      webrick

GEM
  remote: https://rubygems.org/
  specs:
    builder (3.3.0)
    commonmarker (1.1.5)
      rb_sys (~> 0.9)
    commonmarker (1.1.5-arm64-darwin)
    rb_sys (0.9.102)
    sitemap_generator (6.3.0)
      builder (~> 3.0)
    webrick (1.8.1)

PLATFORMS
  arm64-darwin-22
  arm64-darwin-23
  ruby

DEPENDENCIES
  florby!

BUNDLED WITH
   2.4.12
