PATH
  remote: /Users/yuki-akamatsu/ghq/github.com/ukstudio/florby
  specs:
    florby (0.1.0)
      commonmarker
      sitemap_generator
      webrick

GEM
  remote: https://rubygems.org/
  specs:
    builder (3.2.4)
    commonmarker (1.0.4-arm64-darwin)
    sitemap_generator (6.3.0)
      builder (~> 3.0)
    webrick (1.8.1)

PLATFORMS
  arm64-darwin-22

DEPENDENCIES
  florby!

BUNDLED WITH
   2.4.12
